GEM
  remote: https://rubygems.org/
  specs:
    google-protobuf (3.3.0)

PLATFORMS
  ruby

DEPENDENCIES
  google-protobuf (~> 3.3.0)

BUNDLED WITH
   1.15.0
